GIT
  remote: git://github.com/floehopper/floehopper-deploy.git
  revision: c217075e265303f0b74e918977d0e6a71308aa37
  specs:
    floehopper-deploy (0.1.2)
      freerange-deploy
      freerange-puppet

GIT
  remote: git://github.com/freerange/deploy.git
  revision: cc6a22d55144422fef8792d3b317c67bc18d4e70
  specs:
    freerange-deploy (1.0.10)
      capistrano
      capistrano-ext
      json
      request-log-analyzer
      right_aws (= 2.0.0)
      thor
      tinder (= 1.4.1)

GIT
  remote: git://github.com/freerange/freerange-puppet.git
  revision: 3bbe029d60f90d45ac4e48f056a8f478d6e7b44d
  specs:
    freerange-puppet (1.1.9)
      capistrano
      capistrano-ext

GEM
  remote: http://rubygems.org/
  specs:
    RedCloth (4.2.7)
    activesupport (6.0.2.2)
      concurrent-ruby (~> 1.0, >= 1.0.2)
      i18n (>= 0.7, < 2)
      minitest (~> 5.1)
      tzinfo (~> 1.1)
      zeitwerk (~> 2.2)
    capistrano (2.5.19)
      highline
      net-scp (>= 1.0.0)
      net-sftp (>= 2.0.0)
      net-ssh (>= 2.0.14)
      net-ssh-gateway (>= 1.0.0)
    capistrano-ext (1.2.1)
      capistrano (>= 1.0.0)
    concurrent-ruby (1.1.6)
    configuration (1.2.0)
    diff-lcs (1.1.2)
    directory_watcher (1.3.2)
    eventmachine (1.2.7)
    highline (1.6.1)
    hpricot (0.8.3)
    http_parser.rb (0.5.3)
    httparty (0.18.0)
      mime-types (~> 3.0)
      multi_xml (>= 0.5.2)
    i18n (1.8.2)
      concurrent-ruby (~> 1.0)
    json (1.4.6)
    launchy (0.3.7)
      configuration (>= 0.0.5)
      rake (>= 0.8.1)
    little-plugger (1.1.2)
    logging (1.5.0)
      little-plugger (>= 1.1.2)
    loquacious (1.7.0)
    mime-types (3.3.1)
      mime-types-data (~> 3.2015)
    mime-types-data (3.2019.1009)
    minitest (5.14.0)
    multi_xml (0.6.0)
    net-scp (1.0.4)
      net-ssh (>= 1.99.1)
    net-sftp (2.0.5)
      net-ssh (>= 2.0.9)
    net-ssh (2.0.23)
    net-ssh-gateway (1.0.1)
      net-ssh (>= 1.99.1)
    rake (0.8.7)
    request-log-analyzer (1.9.9)
    right_aws (2.0.0)
      right_http_connection (>= 1.2.1)
    right_http_connection (1.2.4)
    rspec (2.3.0)
      rspec-core (~> 2.3.0)
      rspec-expectations (~> 2.3.0)
      rspec-mocks (~> 2.3.0)
    rspec-core (2.3.1)
    rspec-expectations (2.3.0)
      diff-lcs (~> 1.1.2)
    rspec-mocks (2.3.0)
    simple_oauth (0.1.9)
    thor (0.14.6)
    thread_safe (0.3.6)
    tinder (1.4.1)
      activesupport
      eventmachine
      httparty
      mime-types
      twitter-stream
    twitter-stream (0.1.16)
      eventmachine (>= 0.12.8)
      http_parser.rb (~> 0.5.1)
      simple_oauth (~> 0.1.4)
    tzinfo (1.2.6)
      thread_safe (~> 0.1)
    webby (0.9.4)
      directory_watcher (>= 1.1.2)
      hpricot (>= 0.6.0)
      launchy (>= 0.3.2)
      logging (>= 0.9.7)
      loquacious (>= 1.3.0)
      rake (>= 0.8.4)
      rspec (>= 1.2.2)
    zeitwerk (2.3.0)

PLATFORMS
  ruby

DEPENDENCIES
  RedCloth
  floehopper-deploy!
  freerange-deploy!
  freerange-puppet!
  webby
